PATH
  remote: vendor
  specs:
    melcatalog (2.1.0)

PATH
  remote: vendor/repertoire-groups-0.0.1
  specs:
    repertoire-groups (0.0.1)

GEM
  remote: https://rubygems.org/
  specs:
    Ascii85 (1.0.2)
    actionmailer (3.2.22)
      actionpack (= 3.2.22)
      mail (~> 2.5.4)
    actionpack (3.2.22)
      activemodel (= 3.2.22)
      activesupport (= 3.2.22)
      builder (~> 3.0.0)
      erubis (~> 2.7.0)
      journey (~> 1.0.4)
      rack (~> 1.4.5)
      rack-cache (~> 1.2)
      rack-test (~> 0.6.1)
      sprockets (~> 2.2.1)
    activeadmin (0.6.6)
      arbre (~> 1.0)
      bourbon (>= 1.0.0, < 4)
      devise (>= 1.5.4, < 4)
      formtastic (~> 2.0)
      inherited_resources (~> 1.3)
      jquery-rails (>= 1.0.0, < 3)
      kaminari (~> 0.13, != 0.15.0)
      meta_search (~> 1.0)
      rails (>= 3.0.0, < 4)
      sass (~> 3.1)
    activemodel (3.2.22)
      activesupport (= 3.2.22)
      builder (~> 3.0.0)
    activerecord (3.2.22)
      activemodel (= 3.2.22)
      activesupport (= 3.2.22)
      arel (~> 3.0.2)
      tzinfo (~> 0.3.29)
    activeresource (3.2.22)
      activemodel (= 3.2.22)
      activesupport (= 3.2.22)
    activesupport (3.2.22)
      i18n (~> 0.6, >= 0.6.4)
      multi_json (~> 1.0)
    acts-as-taggable-on (3.0.2)
      rails (>= 3, < 5)
    addressable (2.3.8)
    apartment (1.0.2)
      activerecord (>= 3.1.2, < 5.0)
      rack (>= 1.3.6)
    arbre (1.0.3)
      activesupport (>= 3.0.0)
    arel (3.0.3)
    aws-sdk (2.2.1)
      aws-sdk-resources (= 2.2.1)
    aws-sdk-core (2.2.1)
      jmespath (~> 1.0)
    aws-sdk-resources (2.2.1)
      aws-sdk-core (= 2.2.1)
    babosa (1.0.2)
    bcrypt (3.1.10)
    bourbon (3.2.4)
      sass (~> 3.2)
      thor
    builder (3.0.4)
    callsite (0.0.11)
    cancan (1.6.10)
    carrierwave (0.10.0)
      activemodel (>= 3.2.0)
      activesupport (>= 3.2.0)
      json (>= 1.7)
      mime-types (>= 1.16)
    climate_control (0.0.3)
      activesupport (>= 3.0)
    cocaine (0.5.8)
      climate_control (>= 0.0.3, < 1.0)
    code_analyzer (0.4.5)
      sexp_processor
    coderay (1.1.0)
    coffee-rails (3.2.2)
      coffee-script (>= 2.2.0)
      railties (~> 3.2.0)
    coffee-script (2.4.1)
      coffee-script-source
      execjs
    coffee-script-source (1.10.0)
    colored (1.2)
    commonjs (0.2.7)
    database_cleaner (1.5.1)
    delayed_job (4.1.1)
      activesupport (>= 3.0, < 5.0)
    delayed_job_active_record (4.1.0)
      activerecord (>= 3.0, < 5)
      delayed_job (>= 3.0, < 5)
    devise (3.5.2)
      bcrypt (~> 3.0)
      orm_adapter (~> 0.1)
      railties (>= 3.2.6, < 5)
      responders
      thread_safe (~> 0.1)
      warden (~> 1.2.3)
    diff-lcs (1.2.5)
    docile (1.1.5)
    domain_name (0.5.25)
      unf (>= 0.0.5, < 1.0.0)
    erubis (2.7.0)
    exception_notification (4.1.1)
      actionmailer (>= 3.0.4)
      activesupport (>= 3.0.4)
    excon (0.13.4)
    execjs (2.6.0)
    factory_girl (4.5.0)
      activesupport (>= 3.0.0)
    factory_girl_rails (4.5.0)
      factory_girl (~> 4.5.0)
      railties (>= 3.0.0)
    figaro (1.1.1)
      thor (~> 0.14)
    fog (1.3.1)
      builder
      excon (~> 0.13.0)
      formatador (~> 0.2.0)
      mime-types
      multi_json (~> 1.0)
      net-scp (~> 1.0.4)
      net-ssh (>= 2.1.3)
      nokogiri (~> 1.5.0)
      ruby-hmac
    foreman (0.78.0)
      thor (~> 0.19.1)
    formatador (0.2.5)
    formtastic (2.3.1)
      actionpack (>= 3.0)
    friendly_id (4.0.10.1)
      activerecord (>= 3.0, < 4.0)
    git-version-bump (0.15.1)
    gon (6.0.1)
      actionpack (>= 3.0)
      json
      multi_json
      request_store (>= 1.0)
    has_scope (0.6.0)
      actionpack (>= 3.2, < 5)
      activesupport (>= 3.2, < 5)
    high_voltage (2.1.0)
    highline (1.7.8)
    hike (1.2.3)
    html_writer (0.2.0)
    http-cookie (1.0.2)
      domain_name (~> 0.5)
    i18n (0.7.0)
    inherited_resources (1.6.0)
      actionpack (>= 3.2, < 5)
      has_scope (~> 0.6.0.rc)
      railties (>= 3.2, < 5)
      responders
    intercom-rails (0.2.29)
      activesupport (> 3.0)
    jbuilder (2.3.2)
      activesupport (>= 3.0.0, < 5)
      multi_json (~> 1.2)
    jmespath (1.1.3)
    journey (1.0.4)
    jquery-rails (2.3.0)
      railties (>= 3.0, < 5.0)
      thor (>= 0.14, < 2.0)
    jquery-ui-rails (5.0.5)
      railties (>= 3.2.16)
    json (1.8.3)
    jwt (1.5.2)
    kaminari (0.16.3)
      actionpack (>= 3.0.0)
      activesupport (>= 3.0.0)
    kgio (2.10.0)
    launchy (2.4.3)
      addressable (~> 2.3)
    less (2.6.0)
      commonjs (~> 0.2.7)
    less-rails (2.6.0)
      actionpack (>= 3.1)
      less (~> 2.6.0)
    libv8 (3.16.14.13)
    mail (2.5.4)
      mime-types (~> 1.16)
      treetop (~> 1.4.8)
    meta_request (0.3.4)
      callsite (~> 0.0, >= 0.0.11)
      rack-contrib (~> 1.1)
      railties (>= 3.0.0, < 5.0.0)
    meta_search (1.1.3)
      actionpack (~> 3.1)
      activerecord (~> 3.1)
      activesupport (~> 3.1)
      polyamorous (~> 0.5.0)
    method_source (0.8.2)
    mime-types (1.25.1)
    mimemagic (0.3.0)
    mini_magick (4.3.6)
    multi_json (1.11.2)
    net-scp (1.0.4)
      net-ssh (>= 1.99.1)
    net-ssh (3.0.1)
    netrc (0.11.0)
    newrelic_rpm (3.14.0.305)
    nokogiri (1.5.11)
    orm_adapter (0.5.0)
    paperclip (4.3.2)
      activemodel (>= 3.2.0)
      activesupport (>= 3.2.0)
      cocaine (~> 0.5.5)
      mime-types
      mimemagic (= 0.3.0)
    pdf-reader (1.1.1)
      Ascii85 (~> 1.0.0)
      ruby-rc4
    pdf-reader-html (0.1.0)
      html_writer (~> 0.2.0)
      pdf-reader (~> 1.1.0)
    pg (0.18.4)
    polyamorous (0.5.0)
      activerecord (~> 3.0)
    polyglot (0.3.5)
    pry (0.10.3)
      coderay (~> 1.1.0)
      method_source (~> 0.8.1)
      slop (~> 3.4)
    pry-rails (0.3.4)
      pry (>= 0.9.10)
    rabl (0.11.6)
      activesupport (>= 2.3.14)
    rack (1.4.7)
    rack-cache (1.5.1)
      rack (>= 0.4)
    rack-contrib (1.4.0)
      git-version-bump (~> 0.15)
      rack (~> 1.4)
    rack-ssl (1.3.4)
      rack
    rack-test (0.6.3)
      rack (>= 1.0)
    rails (3.2.22)
      actionmailer (= 3.2.22)
      actionpack (= 3.2.22)
      activerecord (= 3.2.22)
      activeresource (= 3.2.22)
      activesupport (= 3.2.22)
      bundler (~> 1.0)
      railties (= 3.2.22)
    rails_12factor (0.0.3)
      rails_serve_static_assets
      rails_stdout_logging
    rails_best_practices (1.15.7)
      activesupport
      code_analyzer (>= 0.4.3)
      colored
      erubis
      i18n
      json
      require_all
      ruby-progressbar
    rails_serve_static_assets (0.0.4)
    rails_stdout_logging (0.0.4)
    railties (3.2.22)
      actionpack (= 3.2.22)
      activesupport (= 3.2.22)
      rack-ssl (~> 1.3.2)
      rake (>= 0.8.7)
      rdoc (~> 3.4)
      thor (>= 0.14.6, < 2.0)
    raindrops (0.15.0)
    rake (10.4.2)
    rdoc (3.12.2)
      json (~> 1.4)
    ref (2.0.0)
    request_store (1.2.1)
    require_all (1.3.3)
    responders (1.1.2)
      railties (>= 3.2, < 4.2)
    rest-client (1.8.0)
      http-cookie (>= 1.0.2, < 2.0)
      mime-types (>= 1.16, < 3.0)
      netrc (~> 0.7)
    rspec-core (3.4.1)
      rspec-support (~> 3.4.0)
    rspec-expectations (3.4.0)
      diff-lcs (>= 1.2.0, < 2.0)
      rspec-support (~> 3.4.0)
    rspec-mocks (3.4.0)
      diff-lcs (>= 1.2.0, < 2.0)
      rspec-support (~> 3.4.0)
    rspec-rails (3.4.0)
      actionpack (>= 3.0, < 4.3)
      activesupport (>= 3.0, < 4.3)
      railties (>= 3.0, < 4.3)
      rspec-core (~> 3.4.0)
      rspec-expectations (~> 3.4.0)
      rspec-mocks (~> 3.4.0)
      rspec-support (~> 3.4.0)
    rspec-support (3.4.1)
    ruby-hmac (0.4.0)
    ruby-progressbar (1.7.5)
    ruby-rc4 (0.1.5)
    sass (3.4.19)
    sass-rails (3.2.6)
      railties (~> 3.2.0)
      sass (>= 3.1.10)
      tilt (~> 1.3)
    sexp_processor (4.6.0)
    sextant (0.2.4)
      rails (>= 3.2)
    shoulda-matchers (2.8.0)
      activesupport (>= 3.0.0)
    simplecov (0.10.0)
      docile (~> 1.1.0)
      json (~> 1.8)
      simplecov-html (~> 0.10.0)
    simplecov-html (0.10.0)
    slop (3.6.0)
    sprockets (2.2.3)
      hike (~> 1.2)
      multi_json (~> 1.0)
      rack (~> 1.0)
      tilt (~> 1.1, != 1.3.0)
    therubyracer (0.12.2)
      libv8 (~> 3.16.14.0)
      ref
    thor (0.19.1)
    thread_safe (0.3.5)
    tilt (1.4.1)
    tinymce-rails (4.2.8)
      railties (>= 3.1.1)
    treetop (1.4.15)
      polyglot
      polyglot (>= 0.3.1)
    tzinfo (0.3.45)
    uglifier (2.7.2)
      execjs (>= 0.3.0)
      json (>= 1.8.0)
    unf (0.1.4)
      unf_ext
    unf_ext (0.0.7.1)
    unicorn (5.0.1)
      kgio (~> 2.6)
      rack
      raindrops (~> 0.7)
    warden (1.2.3)
      rack (>= 1.0)
    will_paginate (3.0.7)
    yomu (0.2.3)
      json (~> 1.8)
      mime-types (~> 1.23)

PLATFORMS
  ruby

DEPENDENCIES
  activeadmin
  acts-as-taggable-on (~> 3.0.2)
  apartment
  aws-sdk
  babosa
  cancan
  carrierwave
  coffee-rails
  database_cleaner
  delayed_job_active_record
  devise
  exception_notification
  factory_girl_rails
  figaro
  fog (~> 1.3.1)
  foreman
  friendly_id
  gon
  high_voltage (~> 2.1.0)
  highline
  intercom-rails
  jbuilder
  jquery-rails (~> 2.3.0)
  jquery-ui-rails
  jwt
  launchy
  less-rails
  melcatalog!
  meta_request
  meta_search
  mini_magick
  newrelic_rpm
  nokogiri
  paperclip
  pdf-reader
  pdf-reader-html
  pg
  pry-rails
  rabl
  rails (= 3.2.22)
  rails_12factor
  rails_best_practices
  repertoire-groups (= 0.0.1)!
  rest-client
  rspec-rails
  sass-rails
  sextant
  shoulda-matchers
  simplecov
  therubyracer
  tinymce-rails
  uglifier
  unicorn
  will_paginate (> 3.0)
  yomu

BUNDLED WITH
   1.10.6
